GEM
  remote: https://rubygems.org/
  specs:
    concurrent-ruby (1.1.10)
    faker (3.1.0)
      i18n (>= 1.8.11, < 2)
    i18n (1.12.0)
      concurrent-ruby (~> 1.0)
    slack-notifier (2.4.0)

PLATFORMS
  ruby

DEPENDENCIES
  faker
  slack-notifier

BUNDLED WITH
   2.1.4
